GEM
  remote: http://rubygems.org/
  specs:
    actionmailer (3.2.14)
      actionpack (= 3.2.14)
      mail (~> 2.5.4)
    actionpack (3.2.14)
      activemodel (= 3.2.14)
      activesupport (= 3.2.14)
      builder (~> 3.0.0)
      erubis (~> 2.7.0)
      journey (~> 1.0.4)
      rack (~> 1.4.5)
      rack-cache (~> 1.2)
      rack-test (~> 0.6.1)
      sprockets (~> 2.2.1)
    activemodel (3.2.14)
      activesupport (= 3.2.14)
      builder (~> 3.0.0)
    activerecord (3.2.14)
      activemodel (= 3.2.14)
      activesupport (= 3.2.14)
      arel (~> 3.0.2)
      tzinfo (~> 0.3.29)
    activeresource (3.2.14)
      activemodel (= 3.2.14)
      activesupport (= 3.2.14)
    activesupport (3.2.14)
      i18n (~> 0.6, >= 0.6.4)
      multi_json (~> 1.0)
    addressable (2.3.5)
    arel (3.0.2)
    aruba (0.5.3)
      childprocess (>= 0.3.6)
      cucumber (>= 1.1.1)
      rspec-expectations (>= 2.7.0)
    atomic (1.1.14)
    bcrypt-ruby (3.1.2)
    bootstrap-sass (2.3.2.2)
      sass (~> 3.2)
    builder (3.0.4)
    cache_digests (0.3.1)
      actionpack (>= 3.2)
      thread_safe
    cancan (1.6.10)
    capybara (2.1.0)
      mime-types (>= 1.16)
      nokogiri (>= 1.3.3)
      rack (>= 1.0.0)
      rack-test (>= 0.5.4)
      xpath (~> 2.0)
    childprocess (0.3.9)
      ffi (~> 1.0, >= 1.0.11)
    chronic (0.10.2)
    coffee-rails (3.2.2)
      coffee-script (>= 2.2.0)
      railties (~> 3.2.0)
    coffee-script (2.2.0)
      coffee-script-source
      execjs
    coffee-script-source (1.6.3)
    crack (0.4.1)
      safe_yaml (~> 0.9.0)
    crossfilter-rails (1.2.0)
      railties (>= 3.0, < 5.0)
    cucumber (1.3.8)
      builder (>= 2.1.2)
      diff-lcs (>= 1.1.3)
      gherkin (~> 2.12.1)
      multi_json (>= 1.7.5, < 2.0)
      multi_test (>= 0.0.2)
    cucumber-rails (1.3.1)
      capybara (>= 1.1.2)
      cucumber (>= 1.2.0)
      nokogiri (>= 1.5.0)
      rails (~> 3.0)
    d3_rails (3.2.8)
      railties (>= 3.1.0)
    daemons (1.1.9)
    dalli (2.6.4)
    database_cleaner (1.1.1)
    delayed_job (4.0.0)
      activesupport (>= 3.0, < 4.1)
    delayed_job_active_record (4.0.0)
      activerecord (>= 3.0, < 4.1)
      delayed_job (>= 3.0, < 4.1)
    devise (3.0.3)
      bcrypt-ruby (~> 3.0)
      orm_adapter (~> 0.1)
      railties (>= 3.2.6, < 5)
      warden (~> 1.2.3)
    diff-lcs (1.2.4)
    domain_name (0.5.13)
      unf (>= 0.0.5, < 1.0.0)
    dotenv (0.9.0)
    dotiw (1.1.1)
      actionpack (~> 3)
    draper (1.2.1)
      actionpack (>= 3.0)
      activesupport (>= 3.0)
      request_store (~> 1.0.3)
    email_spec (1.5.0)
      launchy (~> 2.1)
      mail (~> 2.2)
    erubis (2.7.0)
    eventmachine (1.0.3)
    execjs (2.0.1)
    factory_girl (4.2.0)
      activesupport (>= 3.0.0)
    factory_girl_rails (4.2.1)
      factory_girl (~> 4.2.0)
      railties (>= 3.0.0)
    faraday (0.8.8)
      multipart-post (~> 1.2.0)
    faraday-cookie_jar (0.0.4)
      faraday (>= 0.7.4)
      http-cookie (~> 1.0.0)
    faraday_middleware (0.9.0)
      faraday (>= 0.7.4, < 0.9)
    faye-websocket (0.4.7)
      eventmachine (>= 0.12.0)
    ffi (1.9.0)
    foreman (0.63.0)
      dotenv (>= 0.7)
      thor (>= 0.13.6)
    gherkin (2.12.1)
      multi_json (~> 1.3)
    github-markdown (0.5.3)
    hashie (2.0.5)
    hike (1.2.3)
    http-cookie (1.0.2)
      domain_name (~> 0.5)
    http_parser.rb (0.5.3)
    httpclient (2.3.4.1)
    i18n (0.6.5)
    journey (1.0.4)
    jquery-rails (3.0.4)
      railties (>= 3.0, < 5.0)
      thor (>= 0.14, < 2.0)
    json (1.8.0)
    launchy (2.1.2)
      addressable (~> 2.3)
    libv8 (3.11.8.17)
    mail (2.5.4)
      mime-types (~> 1.16)
      treetop (~> 1.4.8)
    metaclass (0.0.1)
    mime-types (1.25)
    mini_portile (0.5.1)
    minitest (4.4.0)
    mocha (0.13.3)
      metaclass (~> 0.0.1)
    multi_json (1.7.9)
    multi_test (0.0.2)
    multi_xml (0.5.5)
    multipart-post (1.2.0)
    mumboe-soap4r (1.5.8.5)
      httpclient (>= 2.1.1)
    mysql2 (0.3.13)
    nokogiri (1.6.0)
      mini_portile (~> 0.5.0)
    nori (2.3.0)
    oj (2.1.4)
    omniauth (1.1.4)
      hashie (>= 1.2, < 3)
      rack
    omniauth-cas (1.0.4)
      addressable (~> 2.3)
      nokogiri (~> 1.6)
      omniauth (~> 1.1.0)
    orm_adapter (0.4.0)
    poltergeist (1.3.0)
      capybara (~> 2.1.0)
      faye-websocket (>= 0.4.4, < 0.5.0)
      http_parser.rb (~> 0.5.3)
    polyglot (0.3.3)
    rabl (0.8.6)
      activesupport (>= 2.3.14)
    rack (1.4.5)
    rack-cache (1.2)
      rack (>= 0.4)
    rack-ssl (1.3.3)
      rack
    rack-test (0.6.2)
      rack (>= 1.0)
    rails (3.2.14)
      actionmailer (= 3.2.14)
      actionpack (= 3.2.14)
      activerecord (= 3.2.14)
      activeresource (= 3.2.14)
      activesupport (= 3.2.14)
      bundler (~> 1.0)
      railties (= 3.2.14)
    railties (3.2.14)
      actionpack (= 3.2.14)
      activesupport (= 3.2.14)
      rack-ssl (~> 1.3.2)
      rake (>= 0.8.7)
      rdoc (~> 3.4)
      thor (>= 0.14.6, < 2.0)
    rake (10.1.0)
    rdoc (3.12.2)
      json (~> 1.4)
    ref (1.0.5)
    request_store (1.0.5)
    rest-client (1.6.7)
      mime-types (>= 1.16)
    rspec-core (2.14.5)
    rspec-expectations (2.14.2)
      diff-lcs (>= 1.1.3, < 2.0)
    rspec-mocks (2.14.3)
    rspec-rails (2.14.0)
      actionpack (>= 3.0)
      activesupport (>= 3.0)
      railties (>= 3.0)
      rspec-core (~> 2.14.0)
      rspec-expectations (~> 2.14.0)
      rspec-mocks (~> 2.14.0)
    safe_yaml (0.9.7)
    sass (3.2.10)
    sass-rails (3.2.6)
      railties (~> 3.2.0)
      sass (>= 3.1.10)
      tilt (~> 1.3)
    shoulda-matchers (2.3.0)
      activesupport (>= 3.0.0)
    simple_form (2.1.0)
      actionpack (~> 3.0)
      activemodel (~> 3.0)
    simplecov (0.7.1)
      multi_json (~> 1.0)
      simplecov-html (~> 0.7.1)
    simplecov-html (0.7.1)
    sprockets (2.2.2)
      hike (~> 1.2)
      multi_json (~> 1.0)
      rack (~> 1.0)
      tilt (~> 1.1, != 1.3.0)
    state_machine (1.2.0)
    strip_attributes (1.4.4)
      activemodel (>= 3.0, < 5.0)
    therubyracer (0.11.4)
      libv8 (~> 3.11.8.12)
      ref
    thor (0.18.1)
    thread_safe (0.1.3)
      atomic
    tilt (1.4.1)
    timeliness (0.3.7)
    treetop (1.4.15)
      polyglot
      polyglot (>= 0.3.1)
    turbolinks (1.3.0)
      coffee-rails
    tzinfo (0.3.37)
    uglifier (2.1.2)
      execjs (>= 0.3.0)
      multi_json (~> 1.0, >= 1.0.2)
    unf (0.1.2)
      unf_ext
    unf_ext (0.0.6)
    validates_timeliness (3.0.14)
      timeliness (~> 0.3.6)
    warden (1.2.3)
      rack (>= 1.0)
    webmock (1.13.0)
      addressable (>= 2.2.7)
      crack (>= 0.3.2)
    whenever (0.8.4)
      activesupport (>= 2.3.4)
      chronic (>= 0.6.3)
    will_paginate (3.0.4)
    will_paginate-bootstrap (0.2.5)
      will_paginate (>= 3.0.3)
    xpath (2.0.0)
      nokogiri (~> 1.3)

PLATFORMS
  ruby

DEPENDENCIES
  addressable (~> 2.3.5)
  aruba (~> 0.5.1)
  bootstrap-sass (~> 2.3.2.1)
  cache_digests (~> 0.3.1)
  cancan (~> 1.6.10)
  capybara (~> 2.1.0)
  coffee-rails (~> 3.2.2)
  crossfilter-rails (~> 1.2.0)
  cucumber-rails (~> 1.3.1)
  d3_rails (~> 3.2.4)
  daemons (~> 1.1.9)
  dalli (~> 2.6.4)
  database_cleaner (~> 1.1.1)
  delayed_job (~> 4.0.0)
  delayed_job_active_record (~> 4.0.0)
  devise (~> 3.0.3)
  dotiw (~> 1.1.1)
  draper (~> 1.2.1)
  email_spec (~> 1.5.0)
  factory_girl_rails (~> 4.2.1)
  faraday (~> 0.8.8)
  faraday-cookie_jar
  faraday_middleware (~> 0.9.0)
  faye-websocket (~> 0.4.7)
  foreman (~> 0.63.0)
  github-markdown (~> 0.5.3)
  jquery-rails (~> 3.0.4)
  launchy (~> 2.1.2)
  mail (~> 2.5.4)
  minitest (~> 4.4.0)
  mocha (~> 0.13.3)
  multi_json (~> 1.7.8)
  multi_xml (~> 0.5.5)
  mumboe-soap4r (= 1.5.8.5)
  mysql2 (= 0.3.13)
  nokogiri (~> 1.6.0)
  nori (~> 2.3.0)
  oj (~> 2.1.4)
  omniauth-cas (~> 1.0.4)
  poltergeist (~> 1.3.0)
  rabl (~> 0.8.6)
  rack-test (~> 0.6.2)
  rails (= 3.2.14)
  rake (~> 10.1.0)
  rest-client (~> 1.6.7)
  rspec-rails (~> 2.14.0)
  sass-rails (~> 3.2.5)
  shoulda-matchers (~> 2.3.0)
  simple_form (~> 2.1.0)
  simplecov (~> 0.7.1)
  state_machine (~> 1.2.0)
  strip_attributes (~> 1.2)
  therubyracer (~> 0.11.1)
  turbolinks (~> 1.3.0)
  uglifier (~> 2.1.2)
  validates_timeliness (~> 3.0.14)
  webmock (~> 1.13.0)
  whenever (~> 0.8.2)
  will_paginate (= 3.0.4)
  will_paginate-bootstrap (~> 0.2.1)
